GEM
  remote: https://rubygems.org/
  specs:
    PriorityQueue (0.1.2)
    addressable (2.5.2)
      public_suffix (>= 2.0.2, < 4.0)
    crack (0.4.3)
      safe_yaml (~> 1.0.0)
    domain_name (0.5.20170404)
      unf (>= 0.0.5, < 1.0.0)
    gds-api-adapters (20.1.1)
      link_header
      lrucache (~> 0.1.1)
      null_logger
      plek
      rack-cache
      rest-client (~> 1.8.0)
    hashdiff (0.3.7)
    http-cookie (1.0.3)
      domain_name (~> 0.5)
    link_header (0.0.8)
    lrucache (0.1.4)
      PriorityQueue (~> 0.1.2)
    mime-types (2.99.3)
    mini_portile2 (2.4.0)
    minitest (4.7.0)
    netrc (0.11.0)
    nokogiri (1.10.8)
      mini_portile2 (~> 2.4.0)
    null_logger (0.0.1)
    plek (1.12.0)
    public_suffix (3.0.1)
    rack (2.0.8)
    rack-cache (1.7.0)
      rack (>= 0.4)
    rake (10.0.3)
    rest-client (1.8.0)
      http-cookie (>= 1.0.2, < 2.0)
      mime-types (>= 1.16, < 3.0)
      netrc (~> 0.7)
    safe_yaml (1.0.4)
    unf (0.1.4)
      unf_ext
    unf_ext (0.0.7.4)
    webmock (3.3.0)
      addressable (>= 2.3.6)
      crack (>= 0.3.2)
      hashdiff

PLATFORMS
  ruby

DEPENDENCIES
  gds-api-adapters (= 20.1.1)
  minitest (= 4.7.0)
  nokogiri
  plek (< 2)
  rake (= 10.0.3)
  webmock

BUNDLED WITH
   1.17.2
